GEM
  remote: https://rubygems.org/
  specs:
    activemodel (4.0.0)
      activesupport (= 4.0.0)
      builder (~> 3.1.0)
    activesupport (4.0.0)
      i18n (~> 0.6, >= 0.6.4)
      minitest (~> 4.2)
      multi_json (~> 1.3)
      thread_safe (~> 0.1)
      tzinfo (~> 0.3.37)
    asset_sync (1.0.0)
      activemodel
      fog (>= 1.8.0)
    atomic (1.1.14)
    builder (3.1.4)
    excon (0.25.3)
    fog (1.15.0)
      builder
      excon (~> 0.25.0)
      formatador (~> 0.2.0)
      mime-types
      multi_json (~> 1.0)
      net-scp (~> 1.1)
      net-ssh (>= 2.1.3)
      nokogiri (~> 1.5)
      ruby-hmac
    formatador (0.2.4)
    i18n (0.6.5)
    mime-types (1.25)
    mini_portile (0.5.1)
    minitest (4.7.5)
    multi_json (1.8.0)
    net-scp (1.1.2)
      net-ssh (>= 2.6.5)
    net-ssh (2.7.0)
    nokogiri (1.6.0)
      mini_portile (~> 0.5.0)
    rack (1.5.2)
    rack-protection (1.5.0)
      rack
    rake (10.1.0)
    ruby-hmac (0.4.0)
    sinatra (1.4.3)
      rack (~> 1.4)
      rack-protection (~> 1.4)
      tilt (~> 1.3, >= 1.3.4)
    thread_safe (0.1.3)
      atomic
    tilt (1.4.1)
    tzinfo (0.3.37)

PLATFORMS
  ruby

DEPENDENCIES
  asset_sync
  rake
  sinatra
